GEM
  remote: https://rubygems.org/
  specs:
    RedCloth (4.2.9)
    actionmailer (2.3.5)
      actionpack (= 2.3.5)
    actionpack (2.3.5)
      activesupport (= 2.3.5)
      rack (~> 1.0.0)
    activerecord (2.3.5)
      activesupport (= 2.3.5)
    activerecord-odbc-adapter (2.0)
      activerecord (>= 2.0.2)
    activeresource (2.3.5)
      activesupport (= 2.3.5)
    activesupport (2.3.5)
    acts_as_strip (1.0.0)
      activerecord
      activerecord (>= 2.3.5)
    addressable (2.1.2)
    awesome_print (1.2.0)
    brakeman (4.0.1)
    builder (3.2.3)
    calendar_date_select (1.16.3)
    capistrano (2.9.0)
      highline
      net-scp (>= 1.0.0)
      net-sftp (>= 2.0.0)
      net-ssh (>= 2.0.14)
      net-ssh-gateway (>= 1.1.0)
    cgi_multipart_eof_fix (2.5.0)
    coderay (1.0.9)
    color (1.4.1)
    composite_primary_keys (2.3.5.1)
      activerecord (>= 2.3.5)
    daemons (1.1.9)
    database_cleaner (0.9.1)
    dbd-odbc (0.2.5)
      dbi (>= 0.4.0)
    dbi (0.4.5)
      deprecated (= 2.0.1)
    deprecated (2.0.1)
    eventmachine (1.0.3)
    exception_notification (2.3.3.0)
    factory_girl (1.2.4)
    fastthread (1.0.7)
    gem_plugin (0.2.3)
    hashie (1.2.0)
    highline (1.6.11)
    hoe (2.3.3)
      rake (>= 0.8.7)
      rubyforge (>= 1.0.4)
    hoptoad_notifier (2.4.11)
      activesupport
      builder
    htmldoc (0.2.3)
    json (1.6.5)
    json_pure (1.7.3)
    log4r (1.1.10)
    mail (2.7.1)
      mini_mime (>= 0.1.1)
    method_source (0.8.2)
    mini_mime (1.0.1)
    mongrel (1.1.5)
      cgi_multipart_eof_fix (>= 2.4)
      daemons (>= 1.0.3)
      fastthread (>= 1.0.1)
      gem_plugin (>= 0.2.3)
    mongrel_cluster (1.0.5)
      gem_plugin (>= 0.2.3)
      mongrel (>= 1.0.2)
    mysql (2.9.0)
    net-scp (1.0.4)
      net-ssh (>= 1.99.1)
    net-sftp (2.0.5)
      net-ssh (>= 2.0.9)
    net-ssh (2.3.0)
    net-ssh-gateway (1.1.0)
      net-ssh (>= 1.99.1)
    nokogiri (1.5.0)
    omniauth (1.1.1)
      hashie (~> 1.2)
      rack
    omniauth-shibboleth (1.0.6)
      omniauth (>= 1.0.0)
    pdf-writer (1.1.8)
      color (>= 1.4.0)
      transaction-simple (~> 1.3)
    pry (0.9.12.2)
      coderay (~> 1.0.5)
      method_source (~> 0.8)
      slop (~> 3.4)
    rack (1.0.1)
    rails (2.3.5)
      actionmailer (= 2.3.5)
      actionpack (= 2.3.5)
      activerecord (= 2.3.5)
      activeresource (= 2.3.5)
      activesupport (= 2.3.5)
      rake (>= 0.8.3)
    rake (0.9.2.2)
    rcov (1.0.0)
    rdoc (2.4.3)
    request-log-analyzer (1.12.9)
    rmagick (2.16.0)
    rspec (1.2.9)
    rspec-rails (1.2.7.1)
      rack (>= 0.4.0)
      rspec (>= 1.2.7)
    rtex (2.1.1)
    ruby-odbc (0.99994)
    ruby-ole (1.2.11.2)
    rubyforge (2.0.4)
      json_pure (>= 1.1.7)
    rvm-capistrano (1.4.1)
      capistrano (>= 2.0.0)
    sanitize (2.0.3)
      nokogiri (>= 1.4.4, < 1.6)
    sevenwire-rest-client (0.9.6)
    slop (3.4.6)
    spreadsheet (0.6.8)
      ruby-ole (>= 1.0)
    thin (1.5.0)
      daemons (>= 1.0.9)
      eventmachine (>= 0.12.6)
      rack (>= 1.0.0)
    transaction-simple (1.4.0)
      hoe (>= 1.1.7)
    will_paginate (3.0.5)

PLATFORMS
  ruby

DEPENDENCIES
  RedCloth (~> 4.2.9)
  activerecord-odbc-adapter (~> 2.0)
  acts_as_strip (~> 1.0.0)
  addressable (~> 2.1.0)
  awesome_print (~> 1.2.0)
  brakeman
  calendar_date_select
  capistrano
  composite_primary_keys
  daemons
  database_cleaner (>= 0.9.1)
  dbd-odbc
  dbi
  exception_notification (~> 2.3.3)
  factory_girl (~> 1.2.2)
  hoe (~> 2.3.3)
  hoptoad_notifier
  htmldoc
  json
  log4r
  mail
  mongrel
  mongrel_cluster
  mysql
  nokogiri
  omniauth-shibboleth
  pdf-writer
  pry (~> 0.9.12.2)
  rails (= 2.3.5)
  rcov
  rdoc (~> 2.4.3)
  request-log-analyzer
  rmagick
  rspec (~> 1.2.9)
  rspec-rails (~> 1.2.7.1)
  rtex
  ruby-odbc
  rvm-capistrano
  sanitize
  sevenwire-rest-client
  spreadsheet
  thin
  will_paginate (~> 3.0.5)
