GEM
  remote: http://rubygems.org/
  specs:
    RedCloth (4.2.9)
    actionmailer (2.3.5)
      actionpack (= 2.3.5)
    actionpack (2.3.5)
      activesupport (= 2.3.5)
      rack (~> 1.0.0)
    activerecord (2.3.5)
      activesupport (= 2.3.5)
    activerecord-odbc-adapter (2.0)
      activerecord (>= 2.0.2)
    activeresource (2.3.5)
      activesupport (= 2.3.5)
    activesupport (2.3.5)
    addressable (2.1.2)
    andrew311-activerecord-odbc-adapter (2.3.1)
    builder (3.0.0)
    calendar_date_select (1.16.3)
    capistrano (2.9.0)
      highline
      net-scp (>= 1.0.0)
      net-sftp (>= 2.0.0)
      net-ssh (>= 2.0.14)
      net-ssh-gateway (>= 1.1.0)
    cgi_multipart_eof_fix (2.5.0)
    color (1.4.1)
    composite_primary_keys (2.3.5.1)
      activerecord (>= 2.3.5)
    daemons (1.1.6)
    dbd-odbc (0.2.5)
      dbi (>= 0.4.0)
    dbi (0.4.5)
      deprecated (= 2.0.1)
    deprecated (2.0.1)
    diff-lcs (1.1.3)
    exceptional (2.0.32)
      rack
    factory_girl (1.2.4)
    fastthread (1.0.7)
    gem_plugin (0.2.3)
    highline (1.6.11)
    hoe (2.3.3)
      rake (>= 0.8.7)
      rubyforge (>= 1.0.4)
    hoptoad_notifier (2.4.11)
      activesupport
      builder
    htmldoc (0.2.3)
    json (1.6.5)
    json_pure (1.7.3)
    mongrel (1.1.5)
      cgi_multipart_eof_fix (>= 2.4)
      daemons (>= 1.0.3)
      fastthread (>= 1.0.1)
      gem_plugin (>= 0.2.3)
    mongrel_cluster (1.0.5)
      gem_plugin (>= 0.2.3)
      mongrel (>= 1.0.2)
    mysql (2.8.1)
    net-scp (1.0.4)
      net-ssh (>= 1.99.1)
    net-sftp (2.0.5)
      net-ssh (>= 2.0.9)
    net-ssh (2.3.0)
    net-ssh-gateway (1.1.0)
      net-ssh (>= 1.99.1)
    nokogiri (1.5.0)
    pdf-writer (1.1.8)
      color (>= 1.4.0)
      transaction-simple (~> 1.3)
    rack (1.0.1)
    rails (2.3.5)
      actionmailer (= 2.3.5)
      actionpack (= 2.3.5)
      activerecord (= 2.3.5)
      activeresource (= 2.3.5)
      activesupport (= 2.3.5)
      rake (>= 0.8.3)
    rake (0.9.2.2)
    rcov (1.0.0)
    rdoc (2.4.3)
    rmagick (2.5.2)
    rspec (2.8.0)
      rspec-core (~> 2.8.0)
      rspec-expectations (~> 2.8.0)
      rspec-mocks (~> 2.8.0)
    rspec-core (2.8.0)
    rspec-expectations (2.8.0)
      diff-lcs (~> 1.1.2)
    rspec-mocks (2.8.0)
    rspec-rails (1.2.7.1)
      rack (>= 0.4.0)
      rspec (>= 1.2.7)
    rtex (2.1.1)
    ruby-odbc (0.99994)
    ruby-ole (1.2.11.2)
    rubyforge (2.0.4)
      json_pure (>= 1.1.7)
    sanitize (2.0.3)
      nokogiri (>= 1.4.4, < 1.6)
    spreadsheet (0.6.8)
      ruby-ole (>= 1.0)
    transaction-simple (1.4.0)
      hoe (>= 1.1.7)
    will_paginate (2.3.16)

PLATFORMS
  ruby

DEPENDENCIES
  RedCloth
  activerecord-odbc-adapter (~> 2.0)
  addressable (~> 2.1.0)
  andrew311-activerecord-odbc-adapter
  calendar_date_select
  capistrano
  composite_primary_keys
  daemons
  dbd-odbc
  dbi
  exceptional
  factory_girl (~> 1.2.2)
  hoe (~> 2.3.3)
  hoptoad_notifier
  htmldoc
  json
  mongrel
  mongrel_cluster
  mysql
  nokogiri
  pdf-writer
  rails (= 2.3.5)
  rcov
  rdoc (~> 2.4.3)
  rmagick
  rspec
  rspec-rails (~> 1.2.0)
  rtex
  ruby-odbc (~> 0.99994)
  sanitize
  spreadsheet
  will_paginate (~> 2.3.11)
