GEM
  remote: https://rubygems.org/
  specs:
    RedCloth (4.2.9)
    actionmailer (2.3.5)
      actionpack (= 2.3.5)
    actionpack (2.3.5)
      activesupport (= 2.3.5)
      rack (~> 1.0.0)
    activerecord (2.3.5)
      activesupport (= 2.3.5)
    activerecord-odbc-adapter (2.0)
      activerecord (>= 2.0.2)
    activeresource (2.3.5)
      activesupport (= 2.3.5)
    activesupport (2.3.5)
    acts_as_strip (1.0.0)
      activerecord
      activerecord (>= 2.3.5)
    addressable (2.1.2)
    andrew311-activerecord-odbc-adapter (2.3.1)
    builder (3.0.0)
    calendar_date_select (1.16.3)
    capistrano (2.9.0)
      highline
      net-scp (>= 1.0.0)
      net-sftp (>= 2.0.0)
      net-ssh (>= 2.0.14)
      net-ssh-gateway (>= 1.1.0)
    cgi_multipart_eof_fix (2.5.0)
    coderay (1.0.9)
    color (1.4.1)
    composite_primary_keys (2.3.5.1)
      activerecord (>= 2.3.5)
    daemons (1.1.9)
    database_cleaner (0.9.1)
    dbd-odbc (0.2.5)
      dbi (>= 0.4.0)
    dbi (0.4.5)
      deprecated (= 2.0.1)
    deprecated (2.0.1)
    domain_name (0.5.14)
      unf (>= 0.0.5, < 1.0.0)
    eventmachine (1.0.3)
    factory_girl (1.2.4)
    faker (1.2.0)
      i18n (~> 0.5)
    fastthread (1.0.7)
    gem_plugin (0.2.3)
    hashie (1.2.0)
    highline (1.6.11)
    hoe (2.3.3)
      rake (>= 0.8.7)
      rubyforge (>= 1.0.4)
    hoptoad_notifier (2.4.11)
      activesupport
      builder
    hpricot (0.8.6)
    htmldoc (0.2.3)
    http-cookie (1.0.2)
      domain_name (~> 0.5)
    i18n (0.6.1)
    json (1.6.5)
    json_pure (1.7.3)
    mechanize (2.7.2)
      domain_name (~> 0.5, >= 0.5.1)
      http-cookie (~> 1.0.0)
      mime-types (~> 1.17, >= 1.17.2)
      net-http-digest_auth (~> 1.1, >= 1.1.1)
      net-http-persistent (~> 2.5, >= 2.5.2)
      nokogiri (~> 1.4)
      ntlm-http (~> 0.1, >= 0.1.1)
      webrobots (>= 0.0.9, < 0.2)
    method_source (0.8.2)
    mime-types (1.25)
    mongrel (1.1.5)
      cgi_multipart_eof_fix (>= 2.4)
      daemons (>= 1.0.3)
      fastthread (>= 1.0.1)
      gem_plugin (>= 0.2.3)
    mongrel_cluster (1.0.5)
      gem_plugin (>= 0.2.3)
      mongrel (>= 1.0.2)
    mysql2 (0.3.18)
    net-http-digest_auth (1.4)
    net-http-persistent (2.9)
    net-scp (1.0.4)
      net-ssh (>= 1.99.1)
    net-sftp (2.0.5)
      net-ssh (>= 2.0.9)
    net-ssh (2.3.0)
    net-ssh-gateway (1.1.0)
      net-ssh (>= 1.99.1)
    nokogiri (1.5.0)
    ntlm-http (0.1.1)
    omniauth (1.1.1)
      hashie (~> 1.2)
      rack
    omniauth-shibboleth (1.0.6)
      omniauth (>= 1.0.0)
    pdf-writer (1.1.8)
      color (>= 1.4.0)
      transaction-simple (~> 1.3)
    pry (0.9.12.2)
      coderay (~> 1.0.5)
      method_source (~> 0.8)
      slop (~> 3.4)
    rack (1.0.1)
    rack-test (0.6.2)
      rack (>= 1.0)
    rails (2.3.5)
      actionmailer (= 2.3.5)
      actionpack (= 2.3.5)
      activerecord (= 2.3.5)
      activeresource (= 2.3.5)
      activesupport (= 2.3.5)
      rake (>= 0.8.3)
    rake (0.9.2.2)
    rcov (1.0.0)
    rdoc (2.4.3)
    request-log-analyzer (1.12.9)
    rmagick (2.5.2)
    rspec (1.2.9)
    rspec-rails (1.2.7.1)
      rack (>= 0.4.0)
      rspec (>= 1.2.7)
    rtex (2.1.1)
    ruby-odbc (0.99994)
    ruby-ole (1.2.11.2)
    rubyforge (2.0.4)
      json_pure (>= 1.1.7)
    rvm-capistrano (1.4.1)
      capistrano (>= 2.0.0)
    sanitize (2.0.3)
      nokogiri (>= 1.4.4, < 1.6)
    slop (3.4.6)
    spreadsheet (0.6.8)
      ruby-ole (>= 1.0)
    thin (1.5.0)
      daemons (>= 1.0.9)
      eventmachine (>= 0.12.6)
      rack (>= 1.0.0)
    tourbus (0.1.5)
      faker
      hpricot
      mechanize (>= 1.0.0)
      trollop
      webrat (>= 0.7.0)
    transaction-simple (1.4.0)
      hoe (>= 1.1.7)
    trollop (2.0)
    unf (0.1.3)
      unf_ext
    unf_ext (0.0.6)
    webrat (0.7.3)
      nokogiri (>= 1.2.0)
      rack (>= 1.0)
      rack-test (>= 0.5.3)
    webrobots (0.1.1)
    will_paginate (2.3.16)

PLATFORMS
  ruby

DEPENDENCIES
  RedCloth
  activerecord-odbc-adapter (~> 2.0)
  acts_as_strip (~> 1.0.0)
  addressable (~> 2.1.0)
  andrew311-activerecord-odbc-adapter
  calendar_date_select
  capistrano
  composite_primary_keys
  daemons
  database_cleaner (>= 0.9.1)
  dbd-odbc
  dbi
  factory_girl (~> 1.2.2)
  hoe (~> 2.3.3)
  hoptoad_notifier
  htmldoc
  json
  mongrel
  mongrel_cluster
  mysql2
  nokogiri
  omniauth-shibboleth
  pdf-writer
  pry (~> 0.9.12.2)
  rails (= 2.3.5)
  rcov
  rdoc (~> 2.4.3)
  request-log-analyzer
  rmagick
  rspec (~> 1.2.9)
  rspec-rails (~> 1.2.7.1)
  rtex
  ruby-odbc
  rvm-capistrano
  sanitize
  spreadsheet
  thin
  tourbus (~> 0.1.5)
  will_paginate (~> 2.3.11)
